PATH
  remote: .
  specs:
    assets_mapper (0.1.1)

GEM
  remote: https://rubygems.org/
  specs:
    diff-lcs (1.3)
    rake (12.3.2)
    rspec (3.8.0)
      rspec-core (~> 3.8.0)
      rspec-expectations (~> 3.8.0)
      rspec-mocks (~> 3.8.0)
    rspec-core (3.8.0)
      rspec-support (~> 3.8.0)
    rspec-expectations (3.8.2)
      diff-lcs (>= 1.2.0, < 2.0)
      rspec-support (~> 3.8.0)
    rspec-mocks (3.8.0)
      diff-lcs (>= 1.2.0, < 2.0)
      rspec-support (~> 3.8.0)
    rspec-support (3.8.0)

PLATFORMS
  ruby

DEPENDENCIES
  assets_mapper!
  bundler (~> 1.17)
  rake
  rspec (~> 3.0)

BUNDLED WITH
   1.17.2
